NUGET
  remote: https://nuget.org/api/v2
  specs:
    FsCheck (2.0.0-alpha)
      FSharp.Core (>= 3.1.2.1)
    FSharp.Core (3.1.2.1)
    NUnit (2.6.4)
