NUGET
  remote: https://nuget.org/api/v2
  specs:
    Aether (6.0)
    FAKE (3.30.2)
    FParsec (1.0.1)
    Freya.Types (0.9.0-alpha-46)
      FParsec (>= 1.0.1)
      FSharp.Core (>= 3.1.2)
    Freya.Types.Uri (0.9.0-alpha-46)
      FParsec (>= 1.0.1)
      FSharp.Core (>= 3.1.2)
      Freya.Types (>= 0.9.0-alpha-46)
    FsCheck (2.0.0-alpha)
      FSharp.Core (>= 3.1.2.1)
    FSharp.Core (3.1.2.1)
    NuGet.CommandLine (2.8.5)
    NUnit (2.6.4)
    NUnit.Runners (2.6.4)
    Unquote (2.2.2)
GITHUB
  remote: xyncro/chiron
  specs:
    FULLPROJECT (f512dd48db6c44053fda6aa877e0df2589632cc4)
      Aether
      FParsec
      FSharp.Core
      Fake
      Freya.Types.Uri (0.9.0-alpha-46)
      NUnit
      NUnit.Runners
      Nuget.CommandLine
      Unquote